##TITLE= Parameter file, TOPSPIN		Version 2.1
##JCAMPDX= 5.0
##DATATYPE= Parameter Values
##NPOINTS= 1	$$ modification sequence number
##ORIGIN= Bruker BioSpin GmbH
##OWNER= genomik
$$ 2011-07-24 16:50:55.251 +0200  genomik@PCCH1095
$$ Y:\nmr\data\spektrometer/data/genomik/nmr/AKI-Studie_Urin_Erlangen_8_24_29_110722/10/acqus
$$ process C:\Bruker\TOPSPIN2.1PL6\prog\mod\dirdata.exe
##$ACQT0= -9.37192531709062
##$AMP= (0..31)
100 100 100 100 100 100 100 100 100 100 100 100 100 100 100 100 100 100
100 100 100 100 100 100 100 100 100 100 100 100 100 100
##$ANAVPT= -1
##$AQSEQ= 0
##$AQ_mod= 3
##$AUNM= <au_prof1d>
##$AUTOPOS= <1  C5 - 129 >
##$BF1= 600.25
##$BF2= 600.25
##$BF3= 600.25
##$BF4= 600.25
##$BF5= 600.25
##$BF6= 600.25
##$BF7= 600.25
##$BF8= 600.25
##$BYTORDA= 0
##$CFDGTYP= 0
##$CFRGTYP= 9
##$CHEMSTR= <none>
##$CNST= (0..63)
1 1 145 1 1 1 1 1 1 1 1 1 1 1 1 1 1 1 1 1 1 1 1 1 1 1 1 1 1 0.75 1 1 1
1 1 1 1 1 1 1 1 1 1 1 1 1 1 1 1 1 1 1 1 1 1 1 1 1 1 1 1 1 1 1
##$CPDPRG= <>
##$CPDPRG1= <>
##$CPDPRG2= <>
##$CPDPRG3= <>
##$CPDPRG4= <mlev>
##$CPDPRG5= <mlev>
##$CPDPRG6= <mlev>
##$CPDPRG7= <mlev>
##$CPDPRG8= <mlev>
##$CPDPRGB= <>
##$CPDPRGT= <>
##$D= (0..63)
0 4 0 0 0 0 0 0 0.01 0.08 0 0.03 2e-005 0 0 0 0.0002 0 0 0 0 0 0 0 0 0
0 0 0 0 0 0 0 0 0 0 0 0 0 0 0 0 0 0 0 0 0 0 0 0 0 0 0 0 0 0 0 0 0 0 0 0
0 0
##$DATE= 1311519053
##$DBL= (0..7)
120 120 120 120 120 120 120 120
##$DBP= (0..7)
150 150 150 150 150 150 150 150
##$DBP07= 0
##$DBPNAM0= <>
##$DBPNAM1= <>
##$DBPNAM2= <>
##$DBPNAM3= <>
##$DBPNAM4= <>
##$DBPNAM5= <>
##$DBPNAM6= <>
##$DBPNAM7= <>
##$DBPOAL= (0..7)
0.5 0.5 0.5 0.5 0.5 0.5 0.5 0.5
##$DBPOFFS= (0..7)
0 0 0 0 0 0 0 0
##$DE= 23.76968
##$DECBNUC= <off>
##$DECIM= 1621.33333333333
##$DECNUC= <off>
##$DECSTAT= 4
##$DIGMOD= 3
##$DIGTYP= 12
##$DL= (0..7)
0 120 120 120 120 120 120 120
##$DP= (0..7)
150 150 150 150 150 150 150 150
##$DP07= 0
##$DPNAME0= <>
##$DPNAME1= <>
##$DPNAME2= <>
##$DPNAME3= <>
##$DPNAME4= <>
##$DPNAME5= <>
##$DPNAME6= <>
##$DPNAME7= <>
##$DPOAL= (0..7)
0.5 0.5 0.5 0.5 0.5 0.5 0.5 0.5
##$DPOFFS= (0..7)
0 0 0 0 0 0 0 0
##$DQDMODE= 0
##$DR= 22
##$DS= 4
##$DSLIST= <SSSSSSSSSSSSSSS>
##$DSPFIRM= 4
##$DSPFVS= 21
##$DTYPA= 0
##$EXP= <nPROF_1H.URINE>
##$F1LIST= <111111111111111>
##$F2LIST= <222222222222222>
##$F3LIST= <333333333333333>
##$FCUCHAN= (0..9)
0 2 0 0 0 0 0 0 0 0
##$FL1= 90
##$FL2= 90
##$FL3= 90
##$FL4= 90
##$FOV= 20
##$FQ1LIST= <freqlist>
##$FQ2LIST= <freqlist>
##$FQ3LIST= <freqlist>
##$FQ4LIST= <freqlist>
##$FQ5LIST= <freqlist>
##$FQ6LIST= <freqlist>
##$FQ7LIST= <freqlist>
##$FQ8LIST= <freqlist>
##$FRQLO3= 997174.600000024
##$FRQLO3N= 0
##$FS= (0..7)
83 83 83 83 83 83 83 83
##$FTLPGN= 0
##$FW= 625000
##$FnMODE= 0
##$FnTYPE= 0
##$GP031= 0
##$GPNAM0= <sine.100>
##$GPNAM1= <sine.100>
##$GPNAM10= <sine.100>
##$GPNAM11= <sine.100>
##$GPNAM12= <sine.100>
##$GPNAM13= <sine.100>
##$GPNAM14= <sine.100>
##$GPNAM15= <sine.100>
##$GPNAM16= <sine.100>
##$GPNAM17= <sine.100>
##$GPNAM18= <sine.100>
##$GPNAM19= <sine.100>
##$GPNAM2= <sine.100>
##$GPNAM20= <sine.100>
##$GPNAM21= <sine.100>
##$GPNAM22= <sine.100>
##$GPNAM23= <sine.100>
##$GPNAM24= <sine.100>
##$GPNAM25= <sine.100>
##$GPNAM26= <sine.100>
##$GPNAM27= <sine.100>
##$GPNAM28= <sine.100>
##$GPNAM29= <sine.100>
##$GPNAM3= <sine.100>
##$GPNAM30= <sine.100>
##$GPNAM31= <sine.100>
##$GPNAM4= <sine.100>
##$GPNAM5= <sine.100>
##$GPNAM6= <sine.100>
##$GPNAM7= <sine.100>
##$GPNAM8= <sine.100>
##$GPNAM9= <sine.100>
##$GPX= (0..31)
0 0 0 0 0 0 0 0 0 0 0 0 0 0 0 0 0 0 0 0 0 0 0 0 0 0 0 0 0 0 0 0
##$GPY= (0..31)
0 0 0 0 0 0 0 0 0 0 0 0 0 0 0 0 0 0 0 0 0 0 0 0 0 0 0 0 0 0 0 0
##$GPZ= (0..31)
0 50 -10 0 0 0 0 0 0 0 0 0 0 0 0 0 0 0 0 0 0 0 0 0 0 0 0 0 0 0 0 0
##$GRDPROG= <grad_out>
##$GRPDLY= 76
##$HDDUTY= 20
##$HDRATE= 20
##$HGAIN= (0..3)
0 0 0 0
##$HL1= 1
##$HL2= 35
##$HL3= 16
##$HL4= 17
##$HOLDER= 0
##$HPMOD= (0..7)
0 0 0 0 0 0 0 0
##$HPPRGN= 0
##$IN= (0..63)
0.001 0.001 0.001 0.001 0.001 0.001 0.001 0.001 0.001 0.001 0.001 0.001
0.001 0.001 0.001 0.001 0.001 0.001 0.001 0.001 0.001 0.001 0.001 0.001
0.001 0.001 0.001 0.001 0.001 0.001 0.001 0.001 0.001 0.001 0.001 0.001
0.001 0.001 0.001 0.001 0.001 0.001 0.001 0.001 0.001 0.001 0.001 0.001
0.001 0.001 0.001 0.001 0.001 0.001 0.001 0.001 0.001 0.001 0.001 0.001
0.001 0.001 0.001 0.001
##$INF= (0..7)
0 0 0 0 0 0 0 0
##$INP= (0..63)
0 0 0 0 0 0 0 0 0 0 0 0 0 0 0 0 0 0 0 0 0 0 0 0 0 0 0 0 0 0 0 0 0 0 0 0
0 0 0 0 0 0 0 0 0 0 0 0 0 0 0 0 0 0 0 0 0 0 0 0 0 0 0 0
##$INSTRUM= <spect>
##$L= (0..31)
1 1 1 1 1 1 1 1 1 1 1 1 1 1 1 1 1 1 1 1 1 1 1 1 1 1 1 1 1 1 1 1
##$LFILTER= 42
##$LGAIN= -10.5
##$LINPSTP= 0
##$LOCKED= yes
##$LOCKFLD= 1145
##$LOCKGN= 114.973686218262
##$LOCKPOW= -22
##$LOCKPPM= 4.69999980926514
##$LOCNUC= <2H>
##$LOCPHAS= 155.3986
##$LOCSHFT= yes
##$LOCSW= 0
##$LTIME= 0.430000007152557
##$MASR= 4200
##$MASRLST= <masrlst>
##$NBL= 1
##$NC= -6
##$NLOGCH= 2
##$NS= 128
##$NUC1= <1H>
##$NUC2= <off>
##$NUC3= <off>
##$NUC4= <off>
##$NUC5= <off>
##$NUC6= <off>
##$NUC7= <off>
##$NUC8= <off>
##$NUCLEI= 0
##$NUCLEUS= <>
##$O1= 2825.4
##$O2= 2820.06
##$O3= 2820.06377790367
##$O4= 2820.06377790367
##$O5= 2820.06377790367
##$O6= 2820.06377790367
##$O7= 2820.06377790367
##$O8= 2820.06377790367
##$OBSCHAN= (0..9)
0 0 0 0 0 0 0 0 0 0
##$OVERFLW= 0
##$P= (0..63)
14.72142 14.72142 29.44284 0 0 18.48 28 56 20000 0 0 80000 80000 0 0 200000
1000 2500 10000 600 2500 0 0 0 0 250 0 14.72142 1000 1000 0 0 0 0 0 0 0
0 0 0 2000 0 0 0 0 0 0 0 0 0 0 0 0 0 0 0 0 0 0 0 0 0 0 0
##$PACOIL= (0..15)
0 0 0 0 0 0 0 0 0 0 0 0 0 0 0 0
##$PAPS= 2
##$PARMODE= 0
##$PCPD= (0..9)
100 60 100 100 100 100 100 100 100 100
##$PHCOR= (0..31)
0 0 0 0 0 0 0 0 0 0 0 0 0 0 0 0 0 0 0 0 0 0 0 0 0 0 0 0 0 0 0 0
##$PHLIST= <>
##$PHP= 1
##$PH_ref= 0
##$PL= (0..63)
120 5 120 120 120 120 120 120 120 61.63939 10.58417 23.57921 120 120 120
120 120 120 5 17.20403 120 120 120 120 120 120 120 23.57921 120 120 120
120 120 120 120 120 120 120 120 120 120 120 120 120 120 120 120 120 120
120 120 120 120 120 120 120 120 120 120 120 120 120 120 120
##$PLSTEP= 0.1
##$PLSTRT= -6
##$POWMOD= 0
##$PQPHASE= 0
##$PQSCALE= 0
##$PR= 1
##$PRECHAN= (0..15)
-1 3 0 -1 -1 -1 -1 -1 -1 2 -1 -1 -1 -1 -1 -1
##$PRGAIN= 0
##$PROBHD= <5 mm CPTCI 1H-31P/13C/D Z-GRD Z44914/0005
>
##$PROSOL= no
##$PULPROG= <noesygppr1d.comp>
##$PW= 0
##$PYNM= <acqu.py>
##$QNP= 1
##$RD= 0
##$RECCHAN= (0..15)
-1 2 0 0 0 0 0 0 0 -1 -1 -1 -1 -1 -1 -1
##$RECPH= 0
##$RECPRE= (0..15)
-1 0 -1 -1 -1 -1 -1 -1 -1 -1 -1 -1 -1 -1 -1 -1
##$RECPRFX= (0..15)
-1 0 0 0 0 0 0 0 0 0 0 0 0 0 0 0
##$RECSEL= (0..15)
0 0 1 0 0 0 0 0 0 0 0 0 0 0 0 0
##$RG= 80.6
##$RO= 0
##$ROUTWD1= (0..23)
0 0 0 0 0 0 0 0 0 0 0 0 0 0 0 0 0 0 0 0 1 1 0 0
##$ROUTWD2= (0..23)
0 0 0 0 0 1 0 0 0 0 0 0 0 0 0 0 0 0 1 0 1 1 0 0
##$RSEL= (0..9)
0 0 2 0 0 0 0 0 0 0
##$S= (0..7)
83 4 83 83 83 83 83 83
##$SEOUT= 0
##$SFO1= 600.2528254
##$SFO2= 600.25282006
##$SFO3= 600.252820063778
##$SFO4= 600.252820063778
##$SFO5= 600.252820063778
##$SFO6= 600.252820063778
##$SFO7= 600.252820063778
##$SFO8= 600.252820063778
##$SOLVENT= <H2O+D2O>
##$SP= (0..31)
1 71.99184 65.97124 120 120 0 61.64101 120 120 0 37.04184 37.04184 0 0
120 0 150 150 120 63.93243 62.02243 65.33244 58.01244 150 150 150 150 150
150 120 120 120
##$SP07= 0
##$SPECTR= 0
##$SPNAM0= <gauss>
##$SPNAM1= <Gaus1.1000>
##$SPNAM10= <Sinc1.1000>
##$SPNAM11= <Sinc1.1000>
##$SPNAM12= <gauss>
##$SPNAM13= <gauss>
##$SPNAM14= <>
##$SPNAM15= <>
##$SPNAM16= <gauss>
##$SPNAM17= <gauss>
##$SPNAM18= <>
##$SPNAM19= <Sinc1.1000>
##$SPNAM2= <Gaus1_180r.1000>
##$SPNAM20= <Sinc1.1000>
##$SPNAM21= <Sinc1.1000>
##$SPNAM22= <Sinc1.1000>
##$SPNAM23= <gauss>
##$SPNAM24= <gauss>
##$SPNAM25= <gauss>
##$SPNAM26= <gauss>
##$SPNAM27= <gauss>
##$SPNAM28= <gauss>
##$SPNAM29= < >
##$SPNAM3= <>
##$SPNAM30= <>
##$SPNAM31= <>
##$SPNAM4= <>
##$SPNAM5= <gauss>
##$SPNAM6= <Squa100.1000>
##$SPNAM7= <>
##$SPNAM8= < >
##$SPNAM9= <gauss>
##$SPOAL= (0..31)
0.5 0.5 0.5 0.5 0.5 0.5 0.5 0.5 0.5 0.5 0.5 0.5 0.5 0.5 0.5 0.5 0.5 0.5
0.5 0.5 0.5 0.5 0.5 0.5 0.5 0.5 0.5 0.5 0.5 0.5 0.5 0.5
##$SPOFFS= (0..31)
0 0 0 0 0 0 0 0 0 0 0 0 0 0 0 0 0 0 0 0 0 0 0 0 0 0 0 0 0 0 0 0
##$SUBNAM0= <"">
##$SUBNAM1= <"">
##$SUBNAM2= <"">
##$SUBNAM3= <"">
##$SUBNAM4= <"">
##$SUBNAM5= <"">
##$SUBNAM6= <"">
##$SUBNAM7= <"">
##$SUBNAM8= <"">
##$SUBNAM9= <"">
##$SW= 20.5505510241777
##$SWIBOX= (0..15)
0 0 2 0 0 0 0 0 0 0 0 0 0 0 0 0
##$SW_h= 12335.5263157895
##$SWfinal= 0
##$TD= 65536
##$TD0= 1
##$TE= 297.9584
##$TE2= 300
##$TE3= 300
##$TEG= 300
##$TL= (0..7)
0 120 120 120 120 120 120 120
##$TP= (0..7)
150 150 150 150 150 150 150 150
##$TP07= 0
##$TPNAME0= <>
##$TPNAME1= <>
##$TPNAME2= <>
##$TPNAME3= <>
##$TPNAME4= <>
##$TPNAME5= <>
##$TPNAME6= <>
##$TPNAME7= <>
##$TPOAL= (0..7)
0.5 0.5 0.5 0.5 0.5 0.5 0.5 0.5
##$TPOFFS= (0..7)
0 0 0 0 0 0 0 0
##$TUNHIN= 0
##$TUNHOUT= 0
##$TUNXOUT= 0
##$USERA1= <SamTrack>
##$USERA2= <SamTrack>
##$USERA3= <user>
##$USERA4= <user>
##$USERA5= <user>
##$V9= 5
##$VALIST= <valist>
##$VCLIST= <CCCCCCCCCCCCCCC>
##$VD= 0
##$VDLIST= <DDDDDDDDDDDDDDD>
##$VPLIST= <PPPPPPPPPPPPPPP>
##$VTLIST= <TTTTTTTTTTTTTTT>
##$WBST= 1024
##$WBSW= 8
##$XGAIN= (0..3)
0 0 0 0
##$XL= 0
##$YL= 0
##$YMAX_a= 65017965
##$YMIN_a= -42218596
##$ZGOPTNS= <>
##$ZL1= 120
##$ZL2= 120
##$ZL3= 120
##$ZL4= 120
##END=
